GEM
  remote: https://rubygems.org/
  remote: http://rubygems.org/
  specs:
    newrelic_rpm (3.9.6.257)
    rack (1.5.2)
    rails_12factor (0.0.2)
      rails_serve_static_assets
      rails_stdout_logging
    rails_serve_static_assets (0.0.2)
    rails_stdout_logging (0.0.3)

PLATFORMS
  ruby

DEPENDENCIES
  newrelic_rpm
  rack
  rails_12factor
